GEM
  remote: http://rubygems.org/
  specs:
    activemodel (3.0.3)
      activesupport (= 3.0.3)
      builder (~> 2.1.2)
      i18n (~> 0.4)
    activesupport (3.0.3)
    builder (2.1.2)
    crack (0.1.8)
    diff-lcs (1.1.2)
    git (1.2.5)
    happymapper (0.3.2)
      libxml-ruby (~> 1.1.3)
    httparty (0.6.1)
      crack (= 0.1.8)
    i18n (0.5.0)
    jeweler (1.5.1)
      bundler (~> 1.0.0)
      git (>= 1.2.5)
      rake
    libxml-ruby (1.1.4)
    rake (0.8.7)
    rcov (0.9.9)
    rspec (2.1.0)
      rspec-core (~> 2.1.0)
      rspec-expectations (~> 2.1.0)
      rspec-mocks (~> 2.1.0)
    rspec-core (2.1.0)
    rspec-expectations (2.1.0)
      diff-lcs (~> 1.1.2)
    rspec-mocks (2.1.0)

PLATFORMS
  ruby

DEPENDENCIES
  activemodel
  bundler (~> 1.0.0)
  happymapper
  httparty
  jeweler (~> 1.5.1)
  rcov
  rspec (~> 2.1.0)
